GEM
  remote: https://rubygems.org/
  specs:
    rack (2.0.9)
    webrick (1.7.0)

PLATFORMS
  x86_64-darwin-21

DEPENDENCIES
  rack (~> 2.0.1)
  webrick

RUBY VERSION
   ruby 3.0.0p0

BUNDLED WITH
   2.3.11
